GIT
  remote: https://github.com/everypolitician/everypolitician-ruby.git
  revision: 20582b1512358a0e8789ea289201e37ab5f085c2
  specs:
    everypolitician (0.20.0)
      everypolitician-popolo (>= 0.8.0)
      require_all

GIT
  remote: https://github.com/everypolitician/wikisnakker.git
  revision: 4e091cdc9619b6c12db8903075effef361071132
  specs:
    wikisnakker (0.9.1)
      require_all
      yajl-ruby

GIT
  remote: https://github.com/openaustralia/scraperwiki-ruby.git
  revision: fc50176812505e463077d5c673d504a6a234aa78
  branch: morph_defaults
  specs:
    scraperwiki (3.0.1)
      httpclient
      sqlite_magic

GEM
  remote: https://rubygems.org/
  specs:
    ast (2.3.0)
    coderay (1.1.0)
    everypolitician-popolo (0.8.0)
      require_all
    httpclient (2.6.0.1)
    method_source (0.8.2)
    parser (2.3.1.2)
      ast (~> 2.2)
    powerpack (0.1.1)
    pry (0.10.1)
      coderay (~> 1.1.0)
      method_source (~> 0.8.1)
      slop (~> 3.4)
    rainbow (2.1.0)
    require_all (1.4.0)
    rubocop (0.42.0)
      parser (>= 2.3.1.1, < 3.0)
      powerpack (~> 0.1)
      rainbow (>= 1.99.1, < 3.0)
      ruby-progressbar (~> 1.7)
      unicode-display_width (~> 1.0, >= 1.0.1)
    ruby-progressbar (1.8.1)
    slop (3.6.0)
    sqlite3 (1.3.10)
    sqlite_magic (0.0.3)
      sqlite3
    unicode-display_width (1.1.1)
    yajl-ruby (1.3.0)

PLATFORMS
  ruby

DEPENDENCIES
  everypolitician!
  pry
  rubocop
  scraperwiki!
  wikisnakker!

RUBY VERSION
   ruby 2.3.3p222

BUNDLED WITH
   1.13.6
