GIT
  remote: https://github.com/everypolitician/everypolitician-popolo.git
  revision: 4d8aa382e9de4b3eed122cdb4a487c8f1943eff2
  specs:
    everypolitician-popolo (0.9.0)
      require_all

GIT
  remote: https://github.com/everypolitician/everypolitician-ruby.git
  revision: 363f7abb3bf2596d89cc048b98deb1a83ac163ff
  specs:
    everypolitician (0.20.0)
      everypolitician-popolo (>= 0.8.0)
      require_all

GIT
  remote: https://github.com/everypolitician/wikisnakker.git
  revision: 72dbb8b13c9ec1c8512974fa8d86d93b01b90a15
  specs:
    wikisnakker (0.9.1)
      require_all
      yajl-ruby

GIT
  remote: https://github.com/openaustralia/scraperwiki-ruby.git
  revision: fc50176812505e463077d5c673d504a6a234aa78
  branch: morph_defaults
  specs:
    scraperwiki (3.0.1)
      httpclient
      sqlite_magic

GEM
  remote: https://rubygems.org/
  specs:
    ast (2.4.0)
    coderay (1.1.2)
    httpclient (2.8.3)
    method_source (0.9.0)
    parallel (1.12.1)
    parser (2.5.1.0)
      ast (~> 2.4.0)
    powerpack (0.1.1)
    pry (0.11.3)
      coderay (~> 1.1.0)
      method_source (~> 0.9.0)
    rainbow (3.0.0)
    require_all (2.0.0)
    rubocop (0.56.0)
      parallel (~> 1.10)
      parser (>= 2.5)
      powerpack (~> 0.1)
      rainbow (>= 2.2.2, < 4.0)
      ruby-progressbar (~> 1.7)
      unicode-display_width (~> 1.0, >= 1.0.1)
    ruby-progressbar (1.9.0)
    sqlite3 (1.3.13)
    sqlite_magic (0.0.6)
      sqlite3
    unicode-display_width (1.3.3)
    yajl-ruby (1.4.0)

PLATFORMS
  ruby

DEPENDENCIES
  everypolitician!
  everypolitician-popolo!
  pry
  rubocop
  scraperwiki!
  wikisnakker!

RUBY VERSION
   ruby 2.3.3p222

BUNDLED WITH
   1.16.0
